GEM
  remote: https://rubygems.org/
  specs:
    braintree (2.30.2)
      builder (>= 2.0.0)
    builder (3.2.2)
    rack (1.5.2)
    rack-protection (1.5.3)
      rack
    sinatra (1.4.5)
      rack (~> 1.4)
      rack-protection (~> 1.4)
      tilt (~> 1.3, >= 1.3.4)
    tilt (1.4.1)

PLATFORMS
  ruby

DEPENDENCIES
  braintree
  sinatra
